GEM
  remote: https://rubygems.org/
  specs:
    async (1.24.2)
      console (~> 1.0)
      nio4r (~> 2.3)
      timers (~> 4.1)
    async-dns (1.2.5)
      async-io (~> 1.15)
    async-io (1.26.0)
      async (~> 1.14)
    base32 (0.3.2)
    coderay (1.1.2)
    console (1.8.2)
    method_source (0.9.2)
    nio4r (2.5.2)
    pry (0.12.2)
      coderay (~> 1.1.0)
      method_source (~> 0.9.0)
    timers (4.3.0)

PLATFORMS
  ruby

DEPENDENCIES
  async-dns (~> 1.2.5)
  async-io (~> 1.26.0)
  base32 (~> 0.3.2)
  pry (~> 0.12.2)

RUBY VERSION
   ruby 2.3.5p376

BUNDLED WITH
   1.17.3
